PATH
  remote: ..
  specs:
    shale (1.2.0)
      bigdecimal

GEM
  remote: https://rubygems.org/
  specs:
    benchmark-ips (2.10.0)
    bigdecimal (3.1.6)
    declarative (0.0.20)
    mini_portile2 (2.8.5)
    multi_json (1.15.0)
    nokogiri (1.14.0)
      mini_portile2 (~> 2.8.0)
      racc (~> 1.4)
    ox (2.14.12)
    racc (1.6.2)
    representable (3.2.0)
      declarative (< 0.1.0)
      trailblazer-option (>= 0.1.1, < 0.2.0)
      uber (< 0.2.0)
    rexml (3.2.5)
    trailblazer-option (0.1.2)
    uber (0.1.0)

PLATFORMS
  arm64-darwin-21
  arm64-darwin-22
  arm64-darwin-23

DEPENDENCIES
  benchmark-ips
  multi_json
  nokogiri
  ox
  representable
  rexml
  shale!

BUNDLED WITH
   2.5.6
